GEM
  remote: https://rubygems.org/
  specs:
    ffi (1.4.0)
    ffi-portaudio (0.1.2)
      ffi
    fftw3 (0.3)
      narray
    narray (0.6.0.8)
    wavefile (0.5.0)

PLATFORMS
  ruby

DEPENDENCIES
  ffi
  ffi-portaudio
  fftw3
  wavefile
